GEM
  remote: https://rubygems.org/
  specs:
    minitest (5.14.4)
    ruby2d (0.11.1)

PLATFORMS
  arm64-darwin-20

DEPENDENCIES
  minitest
  ruby2d (~> 0.11.1)

BUNDLED WITH
   2.2.15
