GEM
  remote: https://rubygems.org/
  specs:
    ruby2d (0.11.1)

PLATFORMS
  arm64-darwin-20

DEPENDENCIES
  ruby2d (~> 0.11.1)

BUNDLED WITH
   2.2.15
